PATH
  remote: .
  specs:
    norikra-udf-anomaly (0.0.1-java)
      norikra

GEM
  remote: https://rubygems.org/
  specs:
    backports (3.6.6)
    celluloid (0.16.0)
      timers (~> 4.0.0)
    childprocess (0.5.6)
      ffi (~> 1.0, >= 1.0.11)
    choice (0.2.0)
    diff-lcs (1.2.5)
    erubis (2.7.0)
    ffi (1.9.10-java)
    hitimes (1.2.2-java)
    httpclient (2.6.0.1)
    ltsv (0.1.0)
    mizuno (0.6.11)
      childprocess (>= 0.2.6)
      choice (>= 0.1.0)
      ffi (>= 1.0.0)
      rack (>= 1.0.0)
    msgpack (0.5.12-java)
    msgpack-rpc-over-http (0.0.7-java)
      celluloid (~> 0.16.0)
      httpclient
      msgpack (~> 0.5.11)
      rack
    multi_json (1.11.2)
    norikra (1.3.1-java)
      erubis
      mizuno (>= 0.6.10)
      msgpack-rpc-over-http (>= 0.0.7)
      norikra-client (~> 1.3.0)
      rack
      sinatra
      sinatra-contrib
      thor
    norikra-client (1.3.0-java)
      ltsv
      msgpack-rpc-over-http (>= 0.0.7)
      thor
    rack (1.6.4)
    rack-protection (1.5.3)
      rack
    rack-test (0.6.3)
      rack (>= 1.0)
    rake (10.4.2)
    rspec (3.3.0)
      rspec-core (~> 3.3.0)
      rspec-expectations (~> 3.3.0)
      rspec-mocks (~> 3.3.0)
    rspec-core (3.3.2)
      rspec-support (~> 3.3.0)
    rspec-expectations (3.3.1)
      diff-lcs (>= 1.2.0, < 2.0)
      rspec-support (~> 3.3.0)
    rspec-mocks (3.3.2)
      diff-lcs (>= 1.2.0, < 2.0)
      rspec-support (~> 3.3.0)
    rspec-support (3.3.0)
    sinatra (1.4.6)
      rack (~> 1.4)
      rack-protection (~> 1.4)
      tilt (>= 1.3, < 3)
    sinatra-contrib (1.4.6)
      backports (>= 2.0)
      multi_json
      rack-protection
      rack-test
      sinatra (~> 1.4.0)
      tilt (>= 1.3, < 3)
    thor (0.19.1)
    tilt (2.0.1)
    timers (4.0.1)
      hitimes

PLATFORMS
  java

DEPENDENCIES
  bundler (~> 1.10)
  norikra-udf-anomaly!
  rake (~> 10.0)
  rspec

BUNDLED WITH
   1.10.6
